GEM
  remote: http://rubygems.org/
  specs:
    builder (3.0.0)
    crxmake (2.0.3)
      zipruby (>= 0.3.2)
    json (1.4.6)
    rake (0.8.7)
    zipruby (0.3.6)

PLATFORMS
  ruby

DEPENDENCIES
  builder
  crxmake
  json
  rake
